PATH
  remote: .
  specs:
    FlyQuick (1.0.2)
      nokogiri

GEM
  remote: https://rubygems.org/
  specs:
    coderay (1.1.2)
    method_source (0.9.1)
    mini_portile2 (2.3.0)
    nokogiri (1.8.5-x64-mingw32)
      mini_portile2 (~> 2.3.0)
    pry (0.11.3)
      coderay (~> 1.1.0)
      method_source (~> 0.9.0)
    rake (10.5.0)

PLATFORMS
  x64-mingw32

DEPENDENCIES
  FlyQuick!
  bundler (~> 1.16)
  pry
  rake (~> 10.0)

BUNDLED WITH
   1.17.1
